GEM
  remote: https://rubygems.org/
  specs:
    rack (2.0.6)
    webrick (1.7.0)

PLATFORMS
  ruby

DEPENDENCIES
  rack (~> 2.0)
  webrick (~> 1.7)

BUNDLED WITH
   1.17.3
